GEM
  remote: https://rubygems.org/
  specs:
    awesome_print (1.8.0)
    byebug (11.1.1)
    coderay (1.1.2)
    colored (1.2)
    eventmachine (1.2.7)
    ffaker (2.11.0)
    httparty (0.21.0)
      mini_mime (>= 1.0.0)
      multi_xml (>= 0.5.2)
    method_source (0.9.2)
    mini_mime (1.1.2)
    multi_xml (0.6.0)
    oj (3.7.11)
    pry (0.12.2)
      coderay (~> 1.1.0)
      method_source (~> 0.9.0)
    pry-byebug (3.8.0)
      byebug (~> 11.0)
      pry (~> 0.10)
    require_all (2.0.0)
    thread (0.2.2)

PLATFORMS
  ruby

DEPENDENCIES
  awesome_print (= 1.8.0)
  colored (= 1.2)
  eventmachine (= 1.2.7)
  ffaker (= 2.11.0)
  httparty (= 0.21.0)
  oj (= 3.7.11)
  pry-byebug
  require_all (= 2.0.0)
  thread (= 0.2.2)

BUNDLED WITH
   2.0.2
